PATH
  remote: .
  specs:
    export_to_spreadsheet (0.2.0.pre)
      google-spreadsheet-ruby (>= 0.1.5)
      oauth
      oauth-plugin
      portablecontacts
      rails (>= 3.0)
      rjb

GEM
  remote: http://rubygems.org/
  specs:
    abstract (1.0.0)
    actionmailer (3.0.16)
      actionpack (= 3.0.16)
      mail (~> 2.2.19)
    actionpack (3.0.16)
      activemodel (= 3.0.16)
      activesupport (= 3.0.16)
      builder (~> 2.1.2)
      erubis (~> 2.6.6)
      i18n (~> 0.5.0)
      rack (~> 1.2.5)
      rack-mount (~> 0.6.14)
      rack-test (~> 0.5.7)
      tzinfo (~> 0.3.23)
    activemodel (3.0.16)
      activesupport (= 3.0.16)
      builder (~> 2.1.2)
      i18n (~> 0.5.0)
    activerecord (3.0.16)
      activemodel (= 3.0.16)
      activesupport (= 3.0.16)
      arel (~> 2.0.10)
      tzinfo (~> 0.3.23)
    activeresource (3.0.16)
      activemodel (= 3.0.16)
      activesupport (= 3.0.16)
    activesupport (3.0.16)
    addressable (2.3.2)
    arel (2.0.10)
    builder (2.1.2)
    columnize (0.3.6)
    erubis (2.6.6)
      abstract (>= 1.0.0)
    faraday (0.7.6)
      addressable (~> 2.2)
      multipart-post (~> 1.1)
      rack (~> 1.1)
    google-spreadsheet-ruby (0.3.0)
      google_drive (>= 0.3.0)
    google_drive (0.3.1)
      nokogiri (>= 1.4.4, != 1.5.2, != 1.5.1)
      oauth (>= 0.3.6)
      oauth2 (>= 0.5.0)
    highline (1.6.13)
    i18n (0.5.0)
    json (1.7.4)
    linecache (0.46)
      rbx-require-relative (> 0.0.4)
    mail (2.2.19)
      activesupport (>= 2.3.6)
      i18n (>= 0.4.0)
      mime-types (~> 1.16)
      treetop (~> 1.4.8)
    mime-types (1.19)
    multi_json (1.0.4)
    multipart-post (1.1.5)
    nokogiri (1.5.5)
    oauth (0.4.6)
    oauth-plugin (0.4.1)
      multi_json
      oauth (~> 0.4.4)
      oauth2 (>= 0.5.0)
      rack
    oauth2 (0.5.2)
      faraday (~> 0.7)
      multi_json (~> 1.0)
    polyglot (0.3.3)
    portablecontacts (0.1.0)
      json
      oauth (>= 0.3.6)
    rack (1.2.5)
    rack-mount (0.6.14)
      rack (>= 1.0.0)
    rack-test (0.5.7)
      rack (>= 1.0)
    rails (3.0.16)
      actionmailer (= 3.0.16)
      actionpack (= 3.0.16)
      activerecord (= 3.0.16)
      activeresource (= 3.0.16)
      activesupport (= 3.0.16)
      bundler (~> 1.0)
      railties (= 3.0.16)
    railties (3.0.16)
      actionpack (= 3.0.16)
      activesupport (= 3.0.16)
      rake (>= 0.8.7)
      rdoc (~> 3.4)
      thor (~> 0.14.4)
    rake (0.9.2.2)
    rbx-require-relative (0.0.9)
    rdoc (3.12)
      json (~> 1.4)
    rjb (1.4.0)
    ruby-debug (0.10.4)
      columnize (>= 0.1)
      ruby-debug-base (~> 0.10.4.0)
    ruby-debug-base (0.10.4)
      linecache (>= 0.3)
    sqlite3 (1.3.6)
    thor (0.14.6)
    treetop (1.4.10)
      polyglot
      polyglot (>= 0.3.1)
    tzinfo (0.3.33)
    yard (0.8.2.1)

PLATFORMS
  ruby

DEPENDENCIES
  export_to_spreadsheet!
  highline
  ruby-debug
  sqlite3
  yard
